PATH
  remote: .
  specs:
    kdl_rust_parser (0.1.0)
      kdl (~> 1.0)

GEM
  remote: https://rubygems.org/
  specs:
    kdl (1.0.3)
      simpleidn (~> 0.2.1)
    minitest (5.20.0)
    rake (13.1.0)
    rake-compiler (1.2.5)
      rake
    rb_sys (0.9.83)
    simpleidn (0.2.1)
      unf (~> 0.1.4)
    unf (0.1.4)
      unf_ext
    unf_ext (0.0.9.1)

PLATFORMS
  x86_64-linux

DEPENDENCIES
  kdl_rust_parser!
  minitest (~> 5.0)
  rake (~> 13.0)
  rake-compiler
  rb_sys (~> 0.9.63)

BUNDLED WITH
   2.4.17
